GEM
  remote: https://rubygems.org/
  specs:
    rack (2.2.3)
    rbs (2.0.0)
    typeprof (0.21.2)
      rbs (>= 1.8.1)
    webrick (1.7.0)

PLATFORMS
  x86_64-darwin-20
  x86_64-linux

DEPENDENCIES
  rack
  typeprof
  webrick

BUNDLED WITH
   2.3.3
