PATH
  remote: ../typeprof
  specs:
    typeprof (0.20.0)
      rbs (>= 1.6.2)

GEM
  remote: https://rubygems.org/
  specs:
    rack (2.2.3)
    rbs (1.6.2)
    webrick (1.7.0)

PLATFORMS
  x86_64-darwin-20
  x86_64-linux

DEPENDENCIES
  rack
  typeprof!
  webrick

BUNDLED WITH
   2.3.0.dev
